GIT
  remote: https://github.com/rack/rack.git
  revision: df1d52d4a8a303119879cb2fb7466049393afbe3
  specs:
    rack (2.1.0)

PATH
  remote: .
  specs:
    mars (1.0.0)
      rack (~> 2.0)

GEM
  remote: https://rubygems.org/
  specs:
    RedCloth (4.3.2)
    activesupport (5.1.6.1)
      concurrent-ruby (~> 1.0, >= 1.0.2)
      i18n (>= 0.7, < 2)
      minitest (~> 5.1)
      tzinfo (~> 1.1)
    addressable (2.5.2)
      public_suffix (>= 2.0.2, < 4.0)
    asciidoctor (1.5.8)
    backports (2.8.2)
    bluecloth (2.2.0)
    builder (3.2.3)
    celluloid (0.16.0)
      timers (~> 4.0.0)
    celluloid-io (0.16.2)
      celluloid (>= 0.16.0)
      nio4r (>= 1.1.0)
    citrus (3.0.2)
    coffee-script (2.4.1)
      coffee-script-source
      execjs
    coffee-script-source (1.12.2)
    commonjs (0.2.7)
    concurrent-ruby (1.1.4)
    creole (0.5.0)
    docile (1.3.1)
    domain_name (0.5.20180417)
      unf (>= 0.0.5, < 1.0.0)
    erubi (1.8.0)
    erubis (2.7.0)
    execjs (2.7.0)
    expression_parser (0.9.0)
    ffi (1.10.0)
    haml (4.0.7)
      tilt
    hitimes (1.3.0)
    htmlentities (4.3.4)
    http (4.0.0)
      addressable (~> 2.3)
      http-cookie (~> 1.0)
      http-form_data (~> 2.0)
      http_parser.rb (~> 0.6.0)
    http-cookie (1.0.3)
      domain_name (~> 0.5)
    http-form_data (2.1.1)
    http_parser.rb (0.6.0)
    i18n (1.5.1)
      concurrent-ruby (~> 1.0)
    idn-ruby (0.1.0)
    json (2.1.0)
    kramdown (1.17.0)
    less (2.6.0)
      commonjs (~> 0.2.7)
    libv8 (3.16.14.19)
    liquid (4.0.1)
    markaby (0.9.0)
      builder
    maruku (0.7.3)
    mini_portile2 (2.4.0)
    minitest (5.11.3)
    nio4r (2.3.1)
    nokogiri (1.10.0)
      mini_portile2 (~> 2.4.0)
    path (1.3.3)
    public_suffix (3.0.3)
    puma (3.12.0)
    quickl (0.4.3)
    rabl (0.14.0)
      activesupport (>= 2.3.14)
    rack-test (1.1.0)
      rack (>= 1.0, < 3)
    radius (0.7.4)
    rake (12.3.2)
    rb-fsevent (0.10.3)
    rb-inotify (0.10.0)
      ffi (~> 1.0)
    rdiscount (2.2.0.1)
    rdoc (6.1.1)
    redcarpet (3.4.0)
    reel (0.6.1)
      celluloid (>= 0.15.1)
      celluloid-io (>= 0.15.0)
      http (>= 0.6.0.pre)
      http_parser.rb (>= 0.6.0)
      websocket-driver (>= 0.5.1)
    reel-rack (0.2.3)
      rack (>= 1.4.0)
      reel (>= 0.5.0)
    ref (2.0.0)
    sass (3.7.3)
      sass-listen (~> 4.0.0)
    sass-listen (4.0.0)
      rb-fsevent (~> 0.9, >= 0.9.4)
      rb-inotify (~> 0.9, >= 0.9.7)
    simplecov (0.16.1)
      docile (~> 1.1)
      json (>= 1.8, < 3)
      simplecov-html (~> 0.10.0)
    simplecov-html (0.10.2)
    slim (2.1.0)
      temple (~> 0.6.9)
      tilt (>= 1.3.3, < 2.1)
    stylus (1.0.2)
      execjs
      stylus-source
    stylus-source (0.54.5)
    temple (0.6.10)
    therubyracer (0.12.3)
      libv8 (~> 3.16.14.15)
      ref
    thread_safe (0.3.6)
    tilt (2.0.9)
    timers (4.0.4)
      hitimes
    twitter-text (3.0.0)
      idn-ruby
      unf (~> 0.1.0)
    tzinfo (1.2.5)
      thread_safe (~> 0.1)
    unf (0.1.4)
      unf_ext
    unf_ext (0.0.7.5)
    websocket-driver (0.7.0)
      websocket-extensions (>= 0.1.0)
    websocket-extensions (0.1.3)
    wikicloth (0.8.3)
      builder
      expression_parser
      htmlentities
      nokogiri
      twitter-text
    wlang (2.3.1)
      backports (~> 2.6)
      citrus (>= 2.4, < 4.0)
      path (~> 1.3)
      quickl (~> 0.4.3)
      temple (~> 0.6)
    yajl-ruby (1.4.1)
    yard (0.9.16)

PLATFORMS
  ruby

DEPENDENCIES
  RedCloth
  activesupport (~> 5.1.6)
  asciidoctor
  bluecloth
  builder
  celluloid (~> 0.16.0)
  coffee-script (>= 2.0)
  creole
  erubi
  erubis
  haml (>= 3.0)
  kramdown
  less (~> 2.0)
  liquid
  markaby
  mars!
  maruku
  minitest (~> 5.0)
  nokogiri
  puma
  rabl
  rack!
  rack-test (>= 0.6.2)
  radius
  rake
  rdiscount
  rdoc
  redcarpet
  reel-rack
  sass
  simplecov
  slim (~> 2.0)
  stylus
  therubyracer
  wikicloth
  wlang (>= 2.0.1)
  yajl-ruby
  yard

BUNDLED WITH
   1.12.5
